GEM
  remote: https://rubygems.org/
  specs:
    domain_name (0.5.20170404)
      unf (>= 0.0.5, < 1.0.0)
    eclipse-plugin (0.4.1)
      nokogiri
      rubyzip (~> 1.2.1)
    elexis-wiki-interface (0.5.4)
      eclipse-plugin (>= 0.1)
      mediawiki-gateway
      mediawiki_api
      rubyzip (~> 1.2.1)
      unicode
    faraday (0.13.1)
      multipart-post (>= 1.2, < 3)
    faraday-cookie_jar (0.0.6)
      faraday (>= 0.7.4)
      http-cookie (~> 1.0.0)
    faraday_middleware (0.12.2)
      faraday (>= 0.7.4, < 1.0)
    http-cookie (1.0.3)
      domain_name (~> 0.5)
    mediawiki-gateway (1.1.0)
      rest-client (~> 1.7)
    mediawiki_api (0.7.1)
      faraday (~> 0.9, >= 0.9.0)
      faraday-cookie_jar (~> 0.0, >= 0.0.6)
      faraday_middleware (~> 0.10, >= 0.10.0)
    mime-types (2.99.3)
    mini_portile2 (2.3.0)
    multipart-post (2.0.0)
    netrc (0.11.0)
    nokogiri (1.8.1)
      mini_portile2 (~> 2.3.0)
    rest-client (1.8.0)
      http-cookie (>= 1.0.2, < 2.0)
      mime-types (>= 1.16, < 3.0)
      netrc (~> 0.7)
    rubyzip (1.2.1)
    unf (0.1.4)
      unf_ext
    unf_ext (0.0.7.4)
    unicode (0.4.4.4)
    xml-simple (1.1.5)

PLATFORMS
  ruby

DEPENDENCIES
  elexis-wiki-interface
  rubyzip
  xml-simple

BUNDLED WITH
   1.16.0
