GEM
  remote: https://rubygems.org/
  specs:
    domain_name (0.5.20180417)
      unf (>= 0.0.5, < 1.0.0)
    eclipse-plugin (0.4.3)
      nokogiri
      rubyzip (~> 1.2.1)
    elexis-wiki-interface (0.5.7)
      eclipse-plugin (>= 0.4.3)
      mediawiki-butt
      rest-client (~> 2.0)
      rubyzip (~> 1.2.1)
      unicode
    http-cookie (1.0.3)
      domain_name (~> 0.5)
    httpclient (2.8.3)
    mediawiki-butt (3.0.0)
      httpclient (~> 2.8)
    mime-types (3.2.2)
      mime-types-data (~> 3.2015)
    mime-types-data (3.2018.0812)
    mini_portile2 (2.3.0)
    netrc (0.11.0)
    nokogiri (1.8.5)
      mini_portile2 (~> 2.3.0)
    rest-client (2.0.2)
      http-cookie (>= 1.0.2, < 2.0)
      mime-types (>= 1.16, < 4.0)
      netrc (~> 0.8)
    rubyzip (1.2.2)
    unf (0.1.4)
      unf_ext
    unf_ext (0.0.7.5)
    unicode (0.4.4.4)
    xml-simple (1.1.5)

PLATFORMS
  ruby

DEPENDENCIES
  elexis-wiki-interface
  rubyzip
  xml-simple

BUNDLED WITH
   1.16.4
